PATH
  remote: ../../jasperlyons/gems/viewer
  specs:
    viewer (0.1.0)
      tilt

GEM
  remote: https://rubygems.org/
  specs:
    minitest (5.10.3)
    mustermann (1.0.2)
    rack (2.0.5)
    rack-protection (2.0.1)
      rack
    rack-test (0.7.0)
      rack (>= 1.0, < 3)
    rake (12.1.0)
    sinatra (2.0.1)
      mustermann (~> 1.0)
      rack (~> 2.0)
      rack-protection (= 2.0.1)
      tilt (~> 2.0)
    tilt (2.0.8)

PLATFORMS
  ruby

DEPENDENCIES
  minitest
  rack-test
  rake
  sinatra
  viewer!

BUNDLED WITH
   1.14.6
